GEM
  remote: http://rubygems.org/
  specs:
    activemodel (3.0.9)
      activesupport (= 3.0.9)
      builder (~> 2.1.2)
      i18n (~> 0.5.0)
    activesupport (3.0.9)
    albino (1.3.3)
      posix-spawn (>= 0.3.6)
    bson (1.3.1)
    builder (2.1.2)
    i18n (0.5.0)
    kgio (2.6.0)
    mongo (1.3.1)
      bson (>= 1.3.1)
    mongoid (2.0.2)
      activemodel (~> 3.0)
      mongo (~> 1.3)
      tzinfo (~> 0.3.22)
    nokogiri (1.4.7)
    posix-spawn (0.3.6)
    rack (1.0.1)
    rack-pygmentize (1.0.2)
      albino (~> 1.3.2)
      nokogiri (~> 1.4.4)
      rack (~> 1.0.0)
    raindrops (0.7.0)
    sinatra (1.0)
      rack (>= 1.0)
    tzinfo (0.3.29)
    unicorn (4.0.1)
      kgio (~> 2.4)
      rack
      raindrops (~> 0.6)

PLATFORMS
  ruby

DEPENDENCIES
  mongoid
  rack-pygmentize
  sinatra
  unicorn
